GEM
  specs:
    activesupport (7.0.3)
      concurrent-ruby (~> 1.0, >= 1.0.2)
      i18n (>= 1.6, < 2)
      minitest (>= 5.1)
      tzinfo (~> 2.0)
    base32 (0.3.4)
    bech32 (1.1.0)
    bip-schnorr (0.4.0)
      ecdsa (~> 1.2.0)
    bitcoinrb (1.1.1)
      base32 (>= 0.3.4)
      bech32 (~> 1.1.0)
      bip-schnorr (>= 0.4.0)
      daemon-spawn
      ecdsa
      eventmachine
      eventmachine_httpserver
      ffi
      iniparse
      json_pure (>= 2.3.1)
      leb128 (~> 1.0.0)
      murmurhash3
      protobuf (= 3.8.5)
      siphash
      thor
    concurrent-ruby (1.1.10)
    daemon-spawn (0.4.2)
    ecdsa (1.2.0)
    eventmachine (1.2.7)
    eventmachine_httpserver (0.2.1)
    ffi (1.15.5)
    i18n (1.10.0)
      concurrent-ruby (~> 1.0)
    iniparse (1.5.0)
    json_pure (2.6.2)
    leb128 (1.0.0)
    middleware (0.1.0)
    minitest (5.15.0)
    murmurhash3 (0.1.6)
    protobuf (3.8.5)
      activesupport (>= 3.2)
      middleware
      thor
      thread_safe
    siphash (0.0.1)
    thor (1.2.1)
    thread_safe (0.3.6)
    tzinfo (2.0.4)
      concurrent-ruby (~> 1.0)

PLATFORMS
  x86_64-linux

DEPENDENCIES
  bitcoinrb

BUNDLED WITH
   2.2.3
